GIT
  remote: git://github.com/mikesilvis/sportsball-assets.git
  revision: c2563a7c36d0eebff0fec20f2a727215c2cfe3f9
  specs:
    sportsball-assets (0.0.1)

GEM
  remote: https://rubygems.org/
  specs:
    addressable (2.3.8)
    backports (3.6.4)
    byebug (4.0.4)
      columnize (= 0.9.0)
    columnize (0.9.0)
    dragonfly (1.0.7)
      addressable (~> 2.3)
      multi_json (~> 1.0)
      rack
    faraday (0.9.1)
      multipart-post (>= 1.2, < 3)
    multi_json (1.11.0)
    multipart-post (2.0.0)
    newrelic_rpm (3.11.1.284)
    puma (2.11.1)
      rack (>= 1.1, < 2.0)
    rack (1.6.0)
    rack-protection (1.5.3)
      rack
    rack-test (0.6.3)
      rack (>= 1.0)
    sentry-raven (0.12.3)
      faraday (>= 0.7.6)
    sinatra (1.4.6)
      rack (~> 1.4)
      rack-protection (~> 1.4)
      tilt (>= 1.3, < 3)
    sinatra-contrib (1.4.2)
      backports (>= 2.0)
      multi_json
      rack-protection
      rack-test
      sinatra (~> 1.4.0)
      tilt (~> 1.3)
    tilt (1.4.1)

PLATFORMS
  ruby

DEPENDENCIES
  byebug
  dragonfly
  newrelic_rpm
  puma
  sentry-raven
  sinatra
  sinatra-contrib
  sportsball-assets!
